PATH
  remote: .
  specs:
    chess_cli (0.1.0)
      ivo (~> 0.5)

GEM
  remote: https://rubygems.org/
  specs:
    diff-lcs (1.4.4)
    ivo (0.5.0)
    rake (13.0.3)
    rspec (3.10.0)
      rspec-core (~> 3.10.0)
      rspec-expectations (~> 3.10.0)
      rspec-mocks (~> 3.10.0)
    rspec-core (3.10.1)
      rspec-support (~> 3.10.0)
    rspec-expectations (3.10.1)
      diff-lcs (>= 1.2.0, < 2.0)
      rspec-support (~> 3.10.0)
    rspec-mocks (3.10.2)
      diff-lcs (>= 1.2.0, < 2.0)
      rspec-support (~> 3.10.0)
    rspec-support (3.10.2)

PLATFORMS
  x86_64-darwin-19

DEPENDENCIES
  chess_cli!
  rake (~> 13.0)
  rspec (~> 3.0)

BUNDLED WITH
   2.2.17
